NUGET
  remote: http://nuget.org/api/v2
  specs:
    EventStore.Client (2.0.2)
    FsUnit.xUnit (1.3.0.1)
      xunit (>= 1.9.1, <  3.0)
      xunit (>= 1.9.1, <  3.0)
      xunit (>= 1.9.1, <  3.0)
    Newtonsoft.Json (6.0.3)
    xunit (1.9.1)
